PATH
  remote: .
  specs:
    fortitude-sass (0.4.5)
      autoprefixer-rails
      sass (~> 3.3)

GEM
  remote: http://rubygems.org/
  specs:
    autoprefixer-rails (4.0.2)
      execjs
    execjs (2.2.2)
    rake (10.3.2)
    sass (3.4.9)

PLATFORMS
  ruby

DEPENDENCIES
  fortitude-sass!
  rake
